GEM
  remote: https://rubygems.org/
  specs:
    hashids (1.0.4)
    sequel (5.2.0)
    sqlite3 (1.3.13)

PLATFORMS
  ruby

DEPENDENCIES
  hashids
  sequel
  sqlite3

BUNDLED WITH
   1.15.4
