GEM
  remote: https://rubygems.org/
  specs:
    diff-lcs (1.3)
    hashids (1.0.4)
    rspec (3.7.0)
      rspec-core (~> 3.7.0)
      rspec-expectations (~> 3.7.0)
      rspec-mocks (~> 3.7.0)
    rspec-core (3.7.0)
      rspec-support (~> 3.7.0)
    rspec-expectations (3.7.0)
      diff-lcs (>= 1.2.0, < 2.0)
      rspec-support (~> 3.7.0)
    rspec-mocks (3.7.0)
      diff-lcs (>= 1.2.0, < 2.0)
      rspec-support (~> 3.7.0)
    rspec-support (3.7.0)
    sequel (5.2.0)
    sqlite3 (1.3.13)

PLATFORMS
  ruby

DEPENDENCIES
  hashids
  rspec
  sequel
  sqlite3

BUNDLED WITH
   1.15.4
