GEM
  remote: https://rubygems.org/
  specs:
    backports (3.6.8)
    bond (0.5.1)
    coderay (1.1.1)
    database_cleaner (1.5.3)
    dotenv (2.2.0)
    method_source (0.8.2)
    minitest (5.10.1)
    multi_json (1.12.1)
    oj (2.18.1)
    pg (0.19.0)
    pry (0.10.4)
      coderay (~> 1.1.0)
      method_source (~> 0.8.1)
      slop (~> 3.4)
    puma (3.7.0)
    rack (1.6.5)
    rack-protection (1.5.3)
      rack
    rack-test (0.6.3)
      rack (>= 1.0)
    ripl (0.7.1)
      bond (~> 0.5.1)
    ripl-multi_line (0.3.1)
      ripl (>= 0.3.6)
    ripl-rack (0.2.1)
      rack (>= 1.0)
      rack-test (~> 0.6.2)
      ripl (>= 0.7.0)
    sequel (4.43.0)
    sequel_pg (1.6.17)
      pg (>= 0.8.0)
      sequel (>= 4.0.0)
    sinatra (1.4.8)
      rack (~> 1.5)
      rack-protection (~> 1.4)
      tilt (>= 1.3, < 3)
    sinatra-contrib (1.4.7)
      backports (>= 2.0)
      multi_json
      rack-protection
      rack-test
      sinatra (~> 1.4.0)
      tilt (>= 1.3, < 3)
    slop (3.6.0)
    tilt (2.0.6)
    tux (0.3.0)
      ripl (>= 0.3.5)
      ripl-multi_line (>= 0.2.4)
      ripl-rack (>= 0.2.0)
      sinatra (>= 1.2.1)

PLATFORMS
  ruby

DEPENDENCIES
  database_cleaner (= 1.5.3)
  dotenv (= 2.2.0)
  minitest (= 5.10.1)
  oj (= 2.18.1)
  pry (= 0.10.4)
  puma (= 3.7.0)
  sequel (= 4.43.0)
  sequel_pg (= 1.6.17)
  sinatra (= 1.4.8)
  sinatra-contrib (= 1.4.7)
  tux (= 0.3.0)

BUNDLED WITH
   1.13.7
