GEM
  remote: https://rubygems.org/
  specs:
    addressable (2.5.0)
      public_suffix (~> 2.0, >= 2.0.2)
    backports (3.6.8)
    byebug (9.0.6)
    coderay (1.1.1)
    data_mapper (0.9.2)
      dm-aggregates (>= 0.9.2)
      dm-cli (>= 0.9.2)
      dm-core (>= 0.9.2)
      dm-is-tree (>= 0.9.2)
      dm-migrations (>= 0.9.2)
      dm-observer (>= 0.9.2)
      dm-serializer (>= 0.9.2)
      dm-timestamps (>= 0.9.2)
      dm-types (>= 0.9.2)
      dm-validations (>= 0.9.2)
    data_objects (0.10.17)
      addressable (~> 2.1)
    database_cleaner (1.5.3)
    diff-lcs (1.3)
    dm-aggregates (1.2.0)
      dm-core (~> 1.2.0)
    dm-cli (1.2.0)
      dm-core (~> 1.2.0)
    dm-core (1.2.1)
      addressable (~> 2.3)
    dm-do-adapter (1.2.0)
      data_objects (~> 0.10.6)
      dm-core (~> 1.2.0)
    dm-is-tree (1.2.0)
      dm-core (~> 1.2.0)
    dm-migrations (1.2.0)
      dm-core (~> 1.2.0)
    dm-observer (1.2.0)
      dm-core (~> 1.2.0)
    dm-serializer (0.10.0)
    dm-sqlite-adapter (1.2.0)
      dm-do-adapter (~> 1.2.0)
      do_sqlite3 (~> 0.10.6)
    dm-timestamps (1.2.0)
      dm-core (~> 1.2.0)
    dm-transactions (1.2.0)
      dm-core (~> 1.2.0)
    dm-types (0.10.0)
    dm-validations (1.2.0)
      dm-core (~> 1.2.0)
    do_sqlite3 (0.10.17)
      data_objects (= 0.10.17)
    json (2.0.3)
    method_source (0.8.2)
    multi_json (1.12.1)
    pry (0.10.4)
      coderay (~> 1.1.0)
      method_source (~> 0.8.1)
      slop (~> 3.4)
    public_suffix (2.0.5)
    puma (3.7.1)
    rack (1.6.5)
    rack-protection (1.5.3)
      rack
    rack-test (0.6.3)
      rack (>= 1.0)
    rspec (3.5.0)
      rspec-core (~> 3.5.0)
      rspec-expectations (~> 3.5.0)
      rspec-mocks (~> 3.5.0)
    rspec-core (3.5.4)
      rspec-support (~> 3.5.0)
    rspec-expectations (3.5.0)
      diff-lcs (>= 1.2.0, < 2.0)
      rspec-support (~> 3.5.0)
    rspec-mocks (3.5.0)
      diff-lcs (>= 1.2.0, < 2.0)
      rspec-support (~> 3.5.0)
    rspec-support (3.5.0)
    sinatra (1.4.8)
      rack (~> 1.5)
      rack-protection (~> 1.4)
      tilt (>= 1.3, < 3)
    sinatra-contrib (1.4.7)
      backports (>= 2.0)
      multi_json
      rack-protection
      rack-test
      sinatra (~> 1.4.0)
      tilt (>= 1.3, < 3)
    slop (3.6.0)
    sqlite3 (1.3.13)
    tilt (2.0.6)

PLATFORMS
  ruby

DEPENDENCIES
  byebug
  data_mapper
  database_cleaner
  dm-migrations
  dm-sqlite-adapter
  dm-transactions
  dm-types
  json
  pry
  puma
  rack-test
  rspec
  sinatra
  sinatra-contrib
  sqlite3

RUBY VERSION
   ruby 2.3.1p112

BUNDLED WITH
   1.14.3
